FRAMEWORK: >= NET40
NUGET
  remote: https://www.nuget.org/api/v2
    Aether (8.1.2)
    Argu (3.2)
    Chiron (6.2.1)
      Aether (>= 8.0.2 < 9.0)
      FParsec (>= 1.0 < 2.0)
    Expecto (3.2.1)
      Argu (>= 3.2)
      FSharp.Core (>= 3.1.2.5)
      Mono.Cecil (>= 0.9.6.4)
    FAKE (4.50)
    FParsec (1.0.2)
    FSharp.Core (4.0.0.1)
    FSharp.Data (2.3.2)
    Mono.Cecil (0.9.6.4)
    Newtonsoft.Json (9.0.1)
